PATH
  remote: .
  specs:
    gobierto_data (0.1.0)
      actionpack (>= 5.0.0.1)
      activesupport (>= 5.0.0)
      aws-sdk (~> 2.11, >= 2.11.45)
      elasticsearch (~> 6.0, >= 6.0.2)
      elasticsearch-extensions (~> 0.0.27)
      ine-places (~> 0.3.0)
      oj (~> 3.5, >= 3.5.0)
      rake (~> 12.3.2)

GEM
  remote: https://rubygems.org/
  specs:
    actionpack (6.0.0)
      actionview (= 6.0.0)
      activesupport (= 6.0.0)
      rack (~> 2.0)
      rack-test (>= 0.6.3)
      rails-dom-testing (~> 2.0)
      rails-html-sanitizer (~> 1.0, >= 1.2.0)
    actionview (6.0.0)
      activesupport (= 6.0.0)
      builder (~> 3.1)
      erubi (~> 1.4)
      rails-dom-testing (~> 2.0)
      rails-html-sanitizer (~> 1.1, >= 1.2.0)
    activesupport (6.0.0)
      concurrent-ruby (~> 1.0, >= 1.0.2)
      i18n (>= 0.7, < 2)
      minitest (~> 5.1)
      tzinfo (~> 1.1)
      zeitwerk (~> 2.1, >= 2.1.8)
    ansi (1.5.0)
    aws-eventstream (1.0.3)
    aws-sdk (2.11.321)
      aws-sdk-resources (= 2.11.321)
    aws-sdk-core (2.11.321)
      aws-sigv4 (~> 1.0)
      jmespath (~> 1.0)
    aws-sdk-resources (2.11.321)
      aws-sdk-core (= 2.11.321)
    aws-sigv4 (1.1.0)
      aws-eventstream (~> 1.0, >= 1.0.2)
    builder (3.2.3)
    byebug (10.0.2)
    concurrent-ruby (1.1.5)
    crass (1.0.4)
    elasticsearch (6.8.0)
      elasticsearch-api (= 6.8.0)
      elasticsearch-transport (= 6.8.0)
    elasticsearch-api (6.8.0)
      multi_json
    elasticsearch-extensions (0.0.31)
      ansi
      elasticsearch
    elasticsearch-transport (6.8.0)
      faraday
      multi_json
    erubi (1.8.0)
    faraday (0.15.4)
      multipart-post (>= 1.2, < 3)
    i18n (1.6.0)
      concurrent-ruby (~> 1.0)
    ine-places (0.3.0)
      activesupport (>= 4.2)
    jmespath (1.4.0)
    loofah (2.2.3)
      crass (~> 1.0.2)
      nokogiri (>= 1.5.9)
    mini_portile2 (2.4.0)
    minitest (5.11.3)
    multi_json (1.13.1)
    multipart-post (2.1.1)
    nokogiri (1.10.4)
      mini_portile2 (~> 2.4.0)
    oj (3.8.1)
    rack (2.0.7)
    rack-test (1.1.0)
      rack (>= 1.0, < 3)
    rails-dom-testing (2.0.3)
      activesupport (>= 4.2.0)
      nokogiri (>= 1.6)
    rails-html-sanitizer (1.2.0)
      loofah (~> 2.2, >= 2.2.2)
    rake (12.3.3)
    rb-readline (0.5.5)
    thread_safe (0.3.6)
    tzinfo (1.2.5)
      thread_safe (~> 0.1)
    zeitwerk (2.1.9)

PLATFORMS
  ruby

DEPENDENCIES
  byebug (~> 10.0, >= 10.0.2)
  gobierto_data!
  rb-readline

BUNDLED WITH
   1.17.3
